PATH
  remote: .
  specs:
    foo_presenter_plugin (0.0.2)

GEM
  remote: https://rubygems.org/
  specs:
    rake (10.5.0)

PLATFORMS
  ruby

DEPENDENCIES
  bundler (~> 1.13.6)
  foo_presenter_plugin!
  rake (~> 10.0)

BUNDLED WITH
   1.17.3
